GEM
  remote: http://rubygems.org/
  specs:
    chunky_png (1.2.5)
    compass (0.12.2)
      chunky_png (~> 1.2)
      fssm (>= 0.2.7)
      sass (~> 3.1)
    ffi (1.0.11)
    font-stack (0.1.2)
      sass (>= 3.0.0)
    fssm (0.2.9)
    guard (0.10.0)
      ffi (>= 0.5.0)
      thor (~> 0.14.6)
    haml (3.1.4)
    rack (1.4.0)
    rack-protection (1.2.0)
      rack
    rack-test (0.6.1)
      rack (>= 1.0)
    rake (0.9.2.2)
    rerun (0.6.5)
    sass (3.1.12)
    sinatra (1.3.2)
      rack (~> 1.3, >= 1.3.6)
      rack-protection (~> 1.2)
      tilt (~> 1.3, >= 1.3.3)
    sinatra-partial (0.3.1)
      sinatra
    thor (0.14.6)
    tilt (1.3.3)

PLATFORMS
  ruby

DEPENDENCIES
  compass (= 0.12.2)
  font-stack
  guard
  haml (= 3.1.4)
  rack-test
  rake
  rerun
  sinatra (= 1.3.2)
  sinatra-partial (= 0.3.1)
